GIT
  remote: https://github.com/AzureAD/azure-activedirectory-library-for-ruby
  revision: 24e1b7f0dc374dcb968171f80e832118691d288c
  ref: 24e1b7f0dc374dcb968171f80e832118691d288c
  specs:
    adal (1.0.0)
      jwt (~> 1.5)
      nokogiri (~> 1.6)
      uri_template (~> 0.7)

GEM
  remote: https://rubygems.org/
  specs:
    azure-storage-blob (2.0.1)
      azure-storage-common (~> 2.0)
      nokogiri (~> 1.11.0.rc2)
    azure-storage-common (2.0.2)
      faraday (~> 1.0)
      faraday_middleware (~> 1.0.0.rc1)
      net-http-persistent (~> 4.0)
      nokogiri (~> 1.11.0.rc2)
    concurrent-ruby (1.1.9)
    connection_pool (2.2.5)
    domain_name (0.5.20190701)
      unf (>= 0.0.5, < 1.0.0)
    faraday (1.8.0)
      faraday-em_http (~> 1.0)
      faraday-em_synchrony (~> 1.0)
      faraday-excon (~> 1.1)
      faraday-httpclient (~> 1.0.1)
      faraday-net_http (~> 1.0)
      faraday-net_http_persistent (~> 1.1)
      faraday-patron (~> 1.0)
      faraday-rack (~> 1.0)
      multipart-post (>= 1.2, < 3)
      ruby2_keywords (>= 0.0.4)
    faraday-cookie_jar (0.0.7)
      faraday (>= 0.8.0)
      http-cookie (~> 1.0.0)
    faraday-em_http (1.0.0)
    faraday-em_synchrony (1.0.0)
    faraday-excon (1.1.0)
    faraday-httpclient (1.0.1)
    faraday-net_http (1.0.1)
    faraday-net_http_persistent (1.2.0)
    faraday-patron (1.0.0)
    faraday-rack (1.0.0)
    faraday_middleware (1.0.0)
      faraday (~> 1.0)
    http-cookie (1.0.4)
      domain_name (~> 0.5)
    jwt (1.5.6)
    ms_rest (0.7.6)
      concurrent-ruby (~> 1.0)
      faraday (>= 0.9, < 2.0.0)
      timeliness (~> 0.3.10)
    ms_rest_azure (0.12.0)
      concurrent-ruby (~> 1.0)
      faraday (>= 0.9, < 2.0.0)
      faraday-cookie_jar (~> 0.0.6)
      ms_rest (~> 0.7.6)
    multipart-post (2.1.1)
    net-http-persistent (4.0.1)
      connection_pool (~> 2.2)
    nokogiri (1.11.7-x86_64-darwin)
      racc (~> 1.4)
    racc (1.6.0)
    ruby2_keywords (0.0.5)
    timeliness (0.3.10)
    unf (0.1.4)
      unf_ext
    unf_ext (0.0.8)
    uri_template (0.7.0)

PLATFORMS
  x86_64-darwin-20

DEPENDENCIES
  adal!
  azure-storage-blob
  ms_rest_azure

RUBY VERSION
   ruby 2.5.1p57

BUNDLED WITH
   2.2.28
